GEM
  remote: https://rubygems.org/
  specs:
    concurrent-ruby (1.2.2)
    dry-core (1.0.0)
      concurrent-ruby (~> 1.0)
      zeitwerk (~> 2.6)
    dry-monads (1.6.0)
      concurrent-ruby (~> 1.0)
      dry-core (~> 1.0, < 2)
      zeitwerk (~> 2.6)
    zeitwerk (2.6.7)

PLATFORMS
  x64-mingw-ucrt

DEPENDENCIES
  dry-monads (~> 1.6)
  zeitwerk (~> 2.4)

BUNDLED WITH
   2.4.9
